PATH
  remote: .
  specs:
    pipefy_message (0.1.0)

GEM
  remote: https://rubygems.org/
  specs:
    rake (13.0.6)

PLATFORMS
  x86_64-darwin-20

DEPENDENCIES
  pipefy_message!
  rake (~> 13.0)

BUNDLED WITH
   2.2.29
